GEM
  remote: http://rubygems.org/
  specs:
    less (2.0.7)
      therubyracer (~> 0.9.2)
    libv8 (3.3.10.2)
    rack (1.3.5)
    rack-protection (1.1.4)
      rack
    sequel (3.29.0)
    sinatra (1.3.1)
      rack (~> 1.3, >= 1.3.4)
      rack-protection (~> 1.1, >= 1.1.2)
      tilt (~> 1.3, >= 1.3.3)
    sqlite3 (1.3.4)
    therubyracer (0.9.8)
      libv8 (~> 3.3.10)
    tilt (1.3.3)

PLATFORMS
  ruby

DEPENDENCIES
  less
  sequel
  sinatra
  sqlite3
